{
	"Modality": "MR",
	"MagneticFieldStrength": 3,
	"ImagingFrequency": 123.24037,
	"Manufacturer": "Siemens",
	"ManufacturersModelName": "Prisma",
	"InstitutionName": "Shanghai International Studies University",
	"InstitutionalDepartmentName": "Department",
	"InstitutionAddress": "Street StreetNo,Shanghai,District,CN,ZIP",
	"DeviceSerialNumber": "166243",
	"StationName": "AWP166243",
	"BodyPart": "HEAD",
	"PatientPosition": "HFS",
	"ProcedureStepDescription": "SISU^Open_Projects_SISU",
	"SoftwareVersions": "syngo MR E11",
	"MRAcquisitionType": "3D",
	"StudyDescription": "SISU^Open_Projects_SISU",
	"SeriesDescription": "MPRAGE ADNI_iPAT2",
	"ProtocolName": "MPRAGE ADNI_iPAT2",
	"ScanningSequence": "GR\\IR",
	"SequenceVariant": "SK\\SP\\MP",
	"ScanOptions": "IR",
	"SequenceName": "*tfl3d1_16ns",
	"ImageType": ["ORIGINAL", "PRIMARY", "M", "ND", "NORM", "FM", "FIL", "MAGNITUDE"],
	"NonlinearGradientCorrection": false,
	"SeriesNumber": 4,
	"AcquisitionTime": "13:09:25.307500",
	"AcquisitionNumber": 1,
	"SliceThickness": 1,
	"SAR": 0.0629233,
	"TablePosition": [
		0,
		0,
		-0	],
	"EchoTime": 0.00298,
	"RepetitionTime": 2.3,
	"SpoilingState": true,
	"InversionTime": 0.9,
	"FlipAngle": 9,
	"PartialFourier": 1,
	"BaseResolution": 256,
	"ShimSetting": [
		-2663,
		-4014,
		7556,
		156,
		33,
		-539,
		-74,
		-20	],
	"TxRefAmp": 261.92,
	"PhaseResolution": 1,
	"ReceiveCoilName": "HeadNeck_64",
	"ReceiveCoilActiveElements": "HC1-7;NC1,2",
	"PulseSequenceDetails": "%SiemensSeq%\\tfl",
	"RefLinesPE": 32,
	"CoilCombinationMethod": "Sum of Squares",
	"ConsistencyInfo": "N4_VE11E_LATEST_20181129",
	"MatrixCoilMode": "GRAPPA",
	"PercentPhaseFOV": 100,
	"PercentSampling": 100,
	"PhaseEncodingSteps": 255,
	"AcquisitionMatrixPE": 256,
	"ReconMatrixPE": 256,
	"ParallelReductionFactorInPlane": 2,
	"PixelBandwidth": 240,
	"DwellTime": 8.2e-06,
	"ImageOrientationPatientDICOM": [
		-0.0591801,
		0.988742,
		-0.137428,
		-0.00760344,
		-0.138111,
		-0.990387	],
	"ImageOrientationText": "Sag>Cor(-3.3)>Tra(0.9)",
	"InPlanePhaseEncodingDirectionDICOM": "ROW",
	"BidsGuess": ["anat","_acq-tfl3p2_run-4_T1w"],
	"ConversionSoftware": "dcm2niix",
	"ConversionSoftwareVersion": "v1.0.20241211"
}
