{
    "Modality": "MR",
    "MagneticFieldStrength": 3,
    "ImagingFrequency": 123.240431,
    "Manufacturer": "Siemens",
    "ManufacturersModelName": "Prisma",
    "InstitutionName": "Shanghai International Studies University",
    "InstitutionalDepartmentName": "Department",
    "InstitutionAddress": "Street StreetNo,Shanghai,District,CN,ZIP",
    "DeviceSerialNumber": "166243",
    "StationName": "AWP166243",
    "BodyPartExamined": "HEAD",
    "PatientPosition": "HFS",
    "ProcedureStepDescription": "SISU^Open_Projects_SISU",
    "SoftwareVersions": "syngo MR E11",
    "MRAcquisitionType": "2D",
    "SeriesDescription": "ep2d_bold_rest",
    "ProtocolName": "ep2d_bold_rest",
    "ScanningSequence": "EP",
    "SequenceVariant": "SK",
    "ScanOptions": "FS",
    "SequenceName": "*epfid2d1_64",
    "ImageType": [
        "ORIGINAL",
        "PRIMARY",
        "M",
        "ND",
        "MOSAIC"
    ],
    "NonlinearGradientCorrection": false,
    "SeriesNumber": 6,
    "AcquisitionTime": "09:07:58.412500",
    "AcquisitionNumber": 1,
    "SliceThickness": 3,
    "SpacingBetweenSlices": 3.75,
    "SAR": 0.135144,
    "EchoTime": 0.03,
    "RepetitionTime": 2,
    "FlipAngle": 90,
    "PartialFourier": 1,
    "BaseResolution": 64,
    "ShimSetting": [
        -2630,
        -4019,
        7556,
        226,
        53,
        -225,
        -203,
        5
    ],
    "TxRefAmp": 239.887,
    "PhaseResolution": 1,
    "ReceiveCoilName": "HeadNeck_64",
    "ReceiveCoilActiveElements": "HC1-7;NC1",
    "PulseSequenceDetails": "%SiemensSeq%\\ep2d_bold",
    "RefLinesPE": 36,
    "CoilCombinationMethod": "Sum of Squares",
    "ConsistencyInfo": "N4_VE11E_LATEST_20181129",
    "MatrixCoilMode": "GRAPPA",
    "PercentPhaseFOV": 100,
    "PercentSampling": 100,
    "EchoTrainLength": 21,
    "PhaseEncodingSteps": 63,
    "AcquisitionMatrixPE": 64,
    "ReconMatrixPE": 64,
    "BandwidthPerPixelPhaseEncode": 86.806,
    "ParallelReductionFactorInPlane": 3,
    "EffectiveEchoSpacing": 0.000179999,
    "DerivedVendorReportedEchoSpacing": 0.000539997,
    "TotalReadoutTime": 0.0113399,
    "PixelBandwidth": 2300,
    "DwellTime": 3.4e-06,
    "PhaseEncodingDirection": "j-",
    "SliceTiming": [
        0.99,
        0,
        1.0425,
        0.0525,
        1.095,
        0.105,
        1.145,
        0.155,
        1.1975,
        0.2075,
        1.25,
        0.26,
        1.3025,
        0.3125,
        1.355,
        0.365,
        1.4075,
        0.4175,
        1.4575,
        0.47,
        1.51,
        0.52,
        1.5625,
        0.5725,
        1.615,
        0.625,
        1.6675,
        0.6775,
        1.72,
        0.73,
        1.7725,
        0.7825,
        1.8225,
        0.8325,
        1.875,
        0.885,
        1.9275,
        0.9375
    ],
    "ImageOrientationPatientDICOM": [
        0.999873,
        0.00954595,
        0.0127341,
        -0.00523541,
        0.952898,
        -0.303247
    ],
    "ImageOrientationText": "Tra>Cor(-17.6)>Sag(0.9)",
    "InPlanePhaseEncodingDirectionDICOM": "COL",
    "BidsGuess": [
        "func",
        "_acq-epfid2p3_dir-AP_run-6_bold"
    ],
    "ConversionSoftware": "dcm2niix",
    "ConversionSoftwareVersion": "v1.0.20240202",
    "Dcm2bidsVersion": "3.1.1",
    "TaskName": "rest"
}