{
    "Modality": "MR",
    "MagneticFieldStrength": 3,
    "ImagingFrequency": 123.240409,
    "Manufacturer": "Siemens",
    "ManufacturersModelName": "Prisma",
    "InstitutionName": "Shanghai International Studies University",
    "InstitutionalDepartmentName": "Department",
    "InstitutionAddress": "Street StreetNo,Shanghai,District,CN,ZIP",
    "DeviceSerialNumber": "166243",
    "StationName": "AWP166243",
    "BodyPartExamined": "HEAD",
    "PatientPosition": "HFS",
    "ProcedureStepDescription": "SISU^Open_Projects_SISU",
    "SoftwareVersions": "syngo MR E11",
    "MRAcquisitionType": "2D",
    "SeriesDescription": "gre_field_mapping_rest",
    "ProtocolName": "gre_field_mapping_rest",
    "ScanningSequence": "GR",
    "SequenceVariant": "SP",
    "SequenceName": "*fm2d2r",
    "ImageType": [
        "ORIGINAL",
        "PRIMARY",
        "M",
        "ND"
    ],
    "NonlinearGradientCorrection": false,
    "SeriesNumber": 4,
    "AcquisitionTime": "10:48:19.087500",
    "AcquisitionNumber": 1,
    "SliceThickness": 3,
    "SpacingBetweenSlices": 3.75,
    "SAR": 0.177082,
    "EchoNumber": 2,
    "EchoTime": 0.00738,
    "RepetitionTime": 0.413,
    "FlipAngle": 60,
    "PartialFourier": 1,
    "BaseResolution": 64,
    "ShimSetting": [
        -2638,
        -3971,
        7539,
        329,
        91,
        -205,
        -295,
        67
    ],
    "TxRefAmp": 253.844,
    "PhaseResolution": 1,
    "ReceiveCoilName": "HeadNeck_64",
    "ReceiveCoilActiveElements": "HC1-7",
    "PulseSequenceDetails": "%SiemensSeq%\\gre_field_mapping",
    "CoilCombinationMethod": "Sum of Squares",
    "ConsistencyInfo": "N4_VE11E_LATEST_20181129",
    "MatrixCoilMode": "SENSE",
    "PercentPhaseFOV": 100,
    "PercentSampling": 100,
    "PhaseEncodingSteps": 64,
    "AcquisitionMatrixPE": 64,
    "ReconMatrixPE": 64,
    "PixelBandwidth": 290,
    "DwellTime": 2.69e-05,
    "PhaseEncodingDirection": "j-",
    "SliceTiming": [
        0.16406,
        0.17188,
        0.1875,
        0.19531,
        0.21094,
        0,
        0.21875,
        0.01562,
        0.23438,
        0.02344,
        0.24219,
        0.03906,
        0.25,
        0.04688,
        0.26562,
        0.05469,
        0.27344,
        0.07031,
        0.28906,
        0.07812,
        0.29688,
        0.08594,
        0.30469,
        0.10156,
        0.32031,
        0.10938,
        0.32812,
        0.11719,
        0.33594,
        0.13281,
        0.35156,
        0.14062,
        0.35938,
        0.15625
    ],
    "ImageOrientationPatientDICOM": [
        0.999328,
        0.0364063,
        -0.00433468,
        -0.0366437,
        0.98791,
        -0.150636
    ],
    "ImageOrientationText": "Tra>Cor(-8.7)>Sag(0.1)",
    "InPlanePhaseEncodingDirectionDICOM": "COL",
    "BidsGuess": [
        "fmap",
        "_acq-fm2_magnitude2"
    ],
    "ConversionSoftware": "dcm2niix",
    "ConversionSoftwareVersion": "v1.0.20240202",
    "Dcm2bidsVersion": "3.1.1"
}