{
    "TaskName": "question",
    "Manufacturer": "Quanmag",
    "PowerLineFrequency": "n/a",
    "SamplingFrequency": 1000.0,
    "SoftwareFilters": {
        "SpatialCompensation": {
            "GradientOrder": 0
        }
    },
    "RecordingDuration": 32.916,
    "RecordingType": "continuous",
    "DewarPosition": "n/a",
    "DigitizedLandmarks": true,
    "DigitizedHeadPoints": true,
    "MEGChannelCount": 65,
    "MEGREFChannelCount": 0,
    "ContinuousHeadLocalization": false,
    "HeadCoilFrequency": [],
    "EEGChannelCount": 0,
    "EOGChannelCount": 0,
    "ECGChannelCount": 0,
    "EMGChannelCount": 0,
    "MiscChannelCount": 0,
    "TriggerChannelCount": 1
}