{
    "Modality": "MR",
    "MagneticFieldStrength": 3,
    "ImagingFrequency": 123.24,
    "Manufacturer": "Siemens",
    "ManufacturersModelName": "Prisma",
    "InstitutionName": "Shanghai International Studies University",
    "InstitutionalDepartmentName": "Department",
    "InstitutionAddress": "Street StreetNo,Shanghai,District,CN,ZIP",
    "DeviceSerialNumber": "166243",
    "StationName": "AWP166243",
    "BodyPartExamined": "HEAD",
    "PatientPosition": "HFS",
    "ProcedureStepDescription": "SISU^Open_Projects_SISU",
    "SoftwareVersions": "syngo MR E11",
    "MRAcquisitionType": "2D",
    "SeriesDescription": "ep2d_bold_rest",
    "ProtocolName": "ep2d_bold_rest",
    "ScanningSequence": "EP",
    "SequenceVariant": "SK",
    "ScanOptions": "FS",
    "SequenceName": "*epfid2d1_64",
    "ImageType": [
        "ORIGINAL",
        "PRIMARY",
        "M",
        "ND",
        "MOSAIC"
    ],
    "SeriesNumber": 6,
    "AcquisitionTime": "13:00:31.470000",
    "AcquisitionNumber": 1,
    "SliceThickness": 3,
    "SpacingBetweenSlices": 3.75,
    "SAR": 0.148684,
    "EchoTime": 0.03,
    "RepetitionTime": 2,
    "FlipAngle": 90,
    "PartialFourier": 1,
    "BaseResolution": 64,
    "ShimSetting": [
        -2639,
        -4004,
        7576,
        425,
        132,
        -142,
        -62,
        21
    ],
    "TxRefAmp": 251.636,
    "PhaseResolution": 1,
    "ReceiveCoilName": "HeadNeck_64",
    "ReceiveCoilActiveElements": "HC1-7",
    "PulseSequenceDetails": "%SiemensSeq%\\ep2d_bold",
    "RefLinesPE": 36,
    "CoilCombinationMethod": "Sum of Squares",
    "ConsistencyInfo": "N4_VE11E_LATEST_20181129",
    "MatrixCoilMode": "GRAPPA",
    "PercentPhaseFOV": 100,
    "PercentSampling": 100,
    "EchoTrainLength": 21,
    "PhaseEncodingSteps": 63,
    "AcquisitionMatrixPE": 64,
    "ReconMatrixPE": 64,
    "BandwidthPerPixelPhaseEncode": 86.806,
    "ParallelReductionFactorInPlane": 3,
    "EffectiveEchoSpacing": 0.000179999,
    "DerivedVendorReportedEchoSpacing": 0.000539997,
    "TotalReadoutTime": 0.0113399,
    "PixelBandwidth": 2300,
    "DwellTime": 3.4e-06,
    "PhaseEncodingDirection": "j-",
    "SliceTiming": [
        0.99,
        0,
        1.0425,
        0.0525,
        1.0925,
        0.1025,
        1.145,
        0.155,
        1.1975,
        0.2075,
        1.25,
        0.26,
        1.3025,
        0.3125,
        1.355,
        0.365,
        1.405,
        0.415,
        1.4575,
        0.4675,
        1.51,
        0.52,
        1.5625,
        0.5725,
        1.615,
        0.625,
        1.6675,
        0.6775,
        1.7175,
        0.73,
        1.77,
        0.78,
        1.8225,
        0.8325,
        1.875,
        0.885,
        1.9275,
        0.9375
    ],
    "ImageOrientationPatientDICOM": [
        0.999326,
        0.035885,
        -0.00774704,
        -0.0366436,
        0.987858,
        -0.150975
    ],
    "ImageOrientationText": "Tra>Cor(-8.7)>Sag(-0.1)",
    "InPlanePhaseEncodingDirectionDICOM": "COL",
    "ConversionSoftware": "dcm2niix",
    "ConversionSoftwareVersion": "v1.0.20220505",
    "Dcm2bidsVersion": "3.2.0",
    "TaskName": "rest"
}