{
	"Modality": "MR",
	"MagneticFieldStrength": 3,
	"ImagingFrequency": 123.24,
	"Manufacturer": "Siemens",
	"ManufacturersModelName": "Prisma",
	"InstitutionName": "Shanghai International Studies University",
	"InstitutionalDepartmentName": "Department",
	"InstitutionAddress": "Street StreetNo,Shanghai,District,CN,ZIP",
	"DeviceSerialNumber": "166243",
	"StationName": "AWP166243",
	"BodyPartExamined": "HEAD",
	"PatientPosition": "HFS",
	"ProcedureStepDescription": "SISU^Open_Projects_SISU",
	"SoftwareVersions": "syngo MR E11",
	"MRAcquisitionType": "3D",
	"SeriesDescription": "MPRAGE ADNI_iPAT2",
	"ProtocolName": "MPRAGE ADNI_iPAT2",
	"ScanningSequence": "GR\\IR",
	"SequenceVariant": "SK\\SP\\MP",
	"ScanOptions": "IR",
	"SequenceName": "*tfl3d1_16ns",
	"ImageType": ["ORIGINAL", "PRIMARY", "M", "ND", "NORM", "FM", "FIL"],
	"SeriesNumber": 3,
	"AcquisitionTime": "09:05:22.352500",
	"AcquisitionNumber": 1,
	"SliceThickness": 1,
	"SAR": 0.0663845,
	"EchoTime": 0.00298,
	"RepetitionTime": 2.3,
	"SpoilingState": true,
	"InversionTime": 0.9,
	"FlipAngle": 9,
	"PartialFourier": 1,
	"BaseResolution": 256,
	"ShimSetting": [
		-2639,
		-4040,
		7537,
		169,
		80,
		-351,
		-127,
		53	],
	"TxRefAmp": 255.116,
	"PhaseResolution": 1,
	"ReceiveCoilName": "HeadNeck_64",
	"ReceiveCoilActiveElements": "HC1-7;NC1",
	"PulseSequenceDetails": "%SiemensSeq%\\tfl",
	"RefLinesPE": 32,
	"CoilCombinationMethod": "Sum of Squares",
	"ConsistencyInfo": "N4_VE11E_LATEST_20181129",
	"MatrixCoilMode": "GRAPPA",
	"PercentPhaseFOV": 100,
	"PercentSampling": 100,
	"PhaseEncodingSteps": 255,
	"AcquisitionMatrixPE": 256,
	"ReconMatrixPE": 256,
	"ParallelReductionFactorInPlane": 2,
	"PixelBandwidth": 240,
	"DwellTime": 8.2e-06,
	"ImageOrientationPatientDICOM": [
		0.013803,
		0.999867,
		0.00872518,
		0.0175169,
		0.00848288,
		-0.999811	],
	"ImageOrientationText": "Sag>Tra(-1.0)>Cor(0.8)",
	"InPlanePhaseEncodingDirectionDICOM": "ROW",
	"ConversionSoftware": "dcm2niix",
	"ConversionSoftwareVersion": "v1.0.20220505"
}
