{
    "Modality": "MR",
    "MagneticFieldStrength": 3,
    "ImagingFrequency": 123.240416,
    "Manufacturer": "Siemens",
    "ManufacturersModelName": "Prisma",
    "InstitutionName": "Shanghai International Studies University",
    "InstitutionalDepartmentName": "Department",
    "InstitutionAddress": "Street StreetNo,Shanghai,District,CN,ZIP",
    "DeviceSerialNumber": "166243",
    "StationName": "AWP166243",
    "BodyPartExamined": "HEAD",
    "PatientPosition": "HFS",
    "ProcedureStepDescription": "SISU^Open_Projects_SISU",
    "SoftwareVersions": "syngo MR E11",
    "MRAcquisitionType": "2D",
    "SeriesDescription": "gre_field_mapping_rest",
    "ProtocolName": "gre_field_mapping_rest",
    "ScanningSequence": "GR",
    "SequenceVariant": "SP",
    "SequenceName": "*fm2d2r",
    "ImageType": [
        "ORIGINAL",
        "PRIMARY",
        "P",
        "ND",
        "PHASE"
    ],
    "NonlinearGradientCorrection": false,
    "SeriesNumber": 5,
    "AcquisitionTime": "08:59:0.765000",
    "AcquisitionNumber": 1,
    "SliceThickness": 3,
    "SpacingBetweenSlices": 3.75,
    "SAR": 0.116796,
    "EchoNumber": 2,
    "EchoTime": 0.00738,
    "RepetitionTime": 0.413,
    "FlipAngle": 60,
    "EchoTime1": 0.00492,
    "EchoTime2": 0.00738,
    "PartialFourier": 1,
    "BaseResolution": 64,
    "ShimSetting": [
        -2618,
        -4009,
        7562,
        334,
        53,
        4,
        -115,
        56
    ],
    "TxRefAmp": 232.005,
    "PhaseResolution": 1,
    "ReceiveCoilName": "HeadNeck_64",
    "ReceiveCoilActiveElements": "HC1-7",
    "PulseSequenceDetails": "%SiemensSeq%\\gre_field_mapping",
    "CoilCombinationMethod": "Sum of Squares",
    "ConsistencyInfo": "N4_VE11E_LATEST_20181129",
    "MatrixCoilMode": "SENSE",
    "PercentPhaseFOV": 100,
    "PercentSampling": 100,
    "PhaseEncodingSteps": 64,
    "AcquisitionMatrixPE": 64,
    "ReconMatrixPE": 64,
    "PixelBandwidth": 290,
    "DwellTime": 2.69e-05,
    "PhaseEncodingDirection": "j-",
    "SliceTiming": [
        0.21094,
        0,
        0.21875,
        0.01562,
        0.22656,
        0.02344,
        0.24219,
        0.03906,
        0.25,
        0.04688,
        0.26562,
        0.05469,
        0.27344,
        0.07031,
        0.28906,
        0.07812,
        0.29688,
        0.09375,
        0.30469,
        0.10156,
        0.32031,
        0.10938,
        0.32812,
        0.125,
        0.34375,
        0.13281,
        0.35156,
        0.14062,
        0.35938,
        0.15625,
        0.375,
        0.16406,
        0.38281,
        0.17969,
        0.39062,
        0.1875,
        0.40625,
        0.19531
    ],
    "ImageOrientationPatientDICOM": [
        0.999556,
        0.0275176,
        0.0114396,
        -0.0226831,
        0.951497,
        -0.30682
    ],
    "ImageOrientationText": "Tra>Cor(-17.8)>Sag(1.1)",
    "InPlanePhaseEncodingDirectionDICOM": "COL",
    "BidsGuess": [
        "fmap",
        "_acq-fm2_phasediff"
    ],
    "ConversionSoftware": "dcm2niix",
    "ConversionSoftwareVersion": "v1.0.20240202",
    "Dcm2bidsVersion": "3.1.1"
}