{
    "Modality": "MR",
    "MagneticFieldStrength": 3,
    "ImagingFrequency": 123.24,
    "Manufacturer": "Siemens",
    "ManufacturersModelName": "Prisma",
    "InstitutionName": "Shanghai International Studies University",
    "InstitutionalDepartmentName": "Department",
    "InstitutionAddress": "Street StreetNo,Shanghai,District,CN,ZIP",
    "DeviceSerialNumber": "166243",
    "StationName": "AWP166243",
    "BodyPartExamined": "HEAD",
    "PatientPosition": "HFS",
    "ProcedureStepDescription": "SISU^Open_Projects_SISU",
    "SoftwareVersions": "syngo MR E11",
    "MRAcquisitionType": "2D",
    "SeriesDescription": "CCBD_BOLD_AP_task 3",
    "ProtocolName": "CCBD_BOLD_AP_task 3",
    "ScanningSequence": "EP",
    "SequenceVariant": "SK",
    "ScanOptions": "FS",
    "SequenceName": "*epfid2d1_88",
    "ImageType": [
        "ORIGINAL",
        "PRIMARY",
        "M",
        "ND",
        "MOSAIC"
    ],
    "SeriesNumber": 17,
    "AcquisitionTime": "12:08:21.267500",
    "AcquisitionNumber": 1,
    "SliceThickness": 2.5,
    "SpacingBetweenSlices": 2.5,
    "SAR": 0.0438324,
    "EchoTime": 0.03,
    "RepetitionTime": 2,
    "FlipAngle": 60,
    "PartialFourier": 1,
    "BaseResolution": 88,
    "ShimSetting": [
        -2649,
        -4035,
        7560,
        224,
        77,
        -372,
        73,
        -68
    ],
    "TxRefAmp": 260.544,
    "PhaseResolution": 1,
    "ReceiveCoilName": "HeadNeck_64",
    "ReceiveCoilActiveElements": "HC1-7;NC1",
    "PulseSequenceDetails": "%SiemensSeq%\\ep2d_bold",
    "RefLinesPE": 32,
    "CoilCombinationMethod": "Sum of Squares",
    "ConsistencyInfo": "N4_VE11E_LATEST_20181129",
    "MultibandAccelerationFactor": 3,
    "PercentPhaseFOV": 100,
    "PercentSampling": 100,
    "EchoTrainLength": 88,
    "PhaseEncodingSteps": 88,
    "AcquisitionMatrixPE": 88,
    "ReconMatrixPE": 88,
    "BandwidthPerPixelPhaseEncode": 23.191,
    "EffectiveEchoSpacing": 0.000490002,
    "DerivedVendorReportedEchoSpacing": 0.000490002,
    "TotalReadoutTime": 0.0426302,
    "PixelBandwidth": 2585,
    "DwellTime": 2.2e-06,
    "PhaseEncodingDirection": "j-",
    "SliceTiming": [
        0,
        1.0375,
        0.095,
        1.1325,
        0.19,
        1.225,
        0.2825,
        1.32,
        0.3775,
        1.415,
        0.4725,
        1.51,
        0.5675,
        1.6025,
        0.66,
        1.6975,
        0.755,
        1.7925,
        0.85,
        1.885,
        0.9425,
        0,
        1.0375,
        0.095,
        1.1325,
        0.19,
        1.225,
        0.2825,
        1.32,
        0.3775,
        1.415,
        0.4725,
        1.51,
        0.5675,
        1.6025,
        0.66,
        1.6975,
        0.755,
        1.7925,
        0.85,
        1.885,
        0.9425,
        0,
        1.0375,
        0.095,
        1.1325,
        0.19,
        1.225,
        0.2825,
        1.32,
        0.3775,
        1.415,
        0.4725,
        1.51,
        0.5675,
        1.6025,
        0.66,
        1.6975,
        0.755,
        1.7925,
        0.85,
        1.885,
        0.9425
    ],
    "ImageOrientationPatientDICOM": [
        0.999417,
        0.0273798,
        -0.0203781,
        -0.031408,
        0.971458,
        -0.235121
    ],
    "ImageOrientationText": "Tra>Cor(-13.6)>Sag(-0.8)",
    "InPlanePhaseEncodingDirectionDICOM": "COL",
    "ConversionSoftware": "dcm2niix",
    "ConversionSoftwareVersion": "v1.0.20220505",
    "Dcm2bidsVersion": "3.2.0",
    "TaskName": "baba"
}