{
    "Modality": "MR",
    "MagneticFieldStrength": 3,
    "ImagingFrequency": 123.240417,
    "Manufacturer": "Siemens",
    "ManufacturersModelName": "Prisma",
    "InstitutionName": "Shanghai International Studies University",
    "InstitutionalDepartmentName": "Department",
    "InstitutionAddress": "Street StreetNo,Shanghai,District,CN,ZIP",
    "DeviceSerialNumber": "166243",
    "StationName": "AWP166243",
    "BodyPartExamined": "HEAD",
    "PatientPosition": "HFS",
    "ProcedureStepDescription": "SISU^Open_Projects_SISU",
    "SoftwareVersions": "syngo MR E11",
    "MRAcquisitionType": "2D",
    "SeriesDescription": "CCBD_BOLD_AP_task 3",
    "ProtocolName": "CCBD_BOLD_AP_task 3",
    "ScanningSequence": "EP",
    "SequenceVariant": "SK",
    "ScanOptions": "FS",
    "SequenceName": "*epfid2d1_88",
    "ImageType": [
        "ORIGINAL",
        "PRIMARY",
        "M",
        "ND",
        "MOSAIC"
    ],
    "NonlinearGradientCorrection": false,
    "SeriesNumber": 17,
    "AcquisitionTime": "14:23:50.132500",
    "AcquisitionNumber": 1,
    "SliceThickness": 2.5,
    "SpacingBetweenSlices": 2.5,
    "SAR": 0.0357323,
    "EchoTime": 0.03,
    "RepetitionTime": 2,
    "FlipAngle": 60,
    "PartialFourier": 1,
    "BaseResolution": 88,
    "ShimSetting": [
        -2665,
        -4005,
        7549,
        318,
        -19,
        -211,
        -160,
        39
    ],
    "TxRefAmp": 248.739,
    "PhaseResolution": 1,
    "ReceiveCoilName": "HeadNeck_64",
    "ReceiveCoilActiveElements": "HC1-7",
    "PulseSequenceDetails": "%SiemensSeq%\\ep2d_bold",
    "RefLinesPE": 32,
    "CoilCombinationMethod": "Sum of Squares",
    "ConsistencyInfo": "N4_VE11E_LATEST_20181129",
    "MultibandAccelerationFactor": 3,
    "PercentPhaseFOV": 100,
    "PercentSampling": 100,
    "EchoTrainLength": 88,
    "PhaseEncodingSteps": 88,
    "AcquisitionMatrixPE": 88,
    "ReconMatrixPE": 88,
    "BandwidthPerPixelPhaseEncode": 23.191,
    "EffectiveEchoSpacing": 0.000490002,
    "DerivedVendorReportedEchoSpacing": 0.000490002,
    "TotalReadoutTime": 0.0426302,
    "PixelBandwidth": 2585,
    "DwellTime": 2.2e-06,
    "PhaseEncodingDirection": "j-",
    "SliceTiming": [
        0,
        1.0375,
        0.0925,
        1.13,
        0.1875,
        1.225,
        0.2825,
        1.32,
        0.3775,
        1.4125,
        0.47,
        1.5075,
        0.565,
        1.6025,
        0.66,
        1.6975,
        0.7525,
        1.79,
        0.8475,
        1.885,
        0.9425,
        0,
        1.0375,
        0.0925,
        1.13,
        0.1875,
        1.225,
        0.2825,
        1.32,
        0.3775,
        1.4125,
        0.47,
        1.5075,
        0.565,
        1.6025,
        0.66,
        1.6975,
        0.7525,
        1.79,
        0.8475,
        1.885,
        0.9425,
        0,
        1.0375,
        0.0925,
        1.13,
        0.1875,
        1.225,
        0.2825,
        1.32,
        0.3775,
        1.4125,
        0.47,
        1.5075,
        0.565,
        1.6025,
        0.66,
        1.6975,
        0.7525,
        1.79,
        0.8475,
        1.885,
        0.9425
    ],
    "ImageOrientationPatientDICOM": [
        0.999166,
        0.0150324,
        0.0379717,
        -0.00871957,
        0.986876,
        -0.161247
    ],
    "ImageOrientationText": "Tra>Cor(-9.3)>Sag(2.3)",
    "InPlanePhaseEncodingDirectionDICOM": "COL",
    "BidsGuess": [
        "func",
        "_acq-epfid2m3_dir-AP_run-17_bold"
    ],
    "ConversionSoftware": "dcm2niix",
    "ConversionSoftwareVersion": "v1.0.20240202",
    "Dcm2bidsVersion": "3.1.1",
    "TaskName": "baba"
}