{
    "Modality": "MR",
    "MagneticFieldStrength": 3,
    "ImagingFrequency": 123.2404,
    "Manufacturer": "Siemens",
    "ManufacturersModelName": "Prisma",
    "InstitutionName": "Shanghai International Studies University",
    "InstitutionalDepartmentName": "Department",
    "InstitutionAddress": "Street StreetNo,Shanghai,District,CN,ZIP",
    "DeviceSerialNumber": "166243",
    "StationName": "AWP166243",
    "BodyPartExamined": "HEAD",
    "PatientPosition": "HFS",
    "ProcedureStepDescription": "SISU^Open_Projects_SISU",
    "SoftwareVersions": "syngo MR E11",
    "MRAcquisitionType": "2D",
    "SeriesDescription": "gre_field_mapping_rest",
    "ProtocolName": "gre_field_mapping_rest",
    "ScanningSequence": "GR",
    "SequenceVariant": "SP",
    "SequenceName": "*fm2d2r",
    "ImageType": [
        "ORIGINAL",
        "PRIMARY",
        "M",
        "ND"
    ],
    "NonlinearGradientCorrection": false,
    "SeriesNumber": 4,
    "AcquisitionTime": "13:08:50.367500",
    "AcquisitionNumber": 1,
    "SliceThickness": 3,
    "SpacingBetweenSlices": 3.75,
    "SAR": 0.110593,
    "EchoNumber": 2,
    "EchoTime": 0.00738,
    "RepetitionTime": 0.413,
    "FlipAngle": 60,
    "PartialFourier": 1,
    "BaseResolution": 64,
    "ShimSetting": [
        -2660,
        -3998,
        7554,
        318,
        -14,
        -144,
        -169,
        39
    ],
    "TxRefAmp": 248.739,
    "PhaseResolution": 1,
    "ReceiveCoilName": "HeadNeck_64",
    "ReceiveCoilActiveElements": "HC1-7",
    "PulseSequenceDetails": "%SiemensSeq%\\gre_field_mapping",
    "CoilCombinationMethod": "Sum of Squares",
    "ConsistencyInfo": "N4_VE11E_LATEST_20181129",
    "MatrixCoilMode": "SENSE",
    "PercentPhaseFOV": 100,
    "PercentSampling": 100,
    "PhaseEncodingSteps": 64,
    "AcquisitionMatrixPE": 64,
    "ReconMatrixPE": 64,
    "PixelBandwidth": 290,
    "DwellTime": 2.69e-05,
    "PhaseEncodingDirection": "j-",
    "SliceTiming": [
        0.20312,
        0,
        0.21094,
        0.00781,
        0.22656,
        0.01562,
        0.23438,
        0.03125,
        0.24219,
        0.03906,
        0.25781,
        0.05469,
        0.26562,
        0.0625,
        0.28125,
        0.07031,
        0.28906,
        0.08594,
        0.30469,
        0.09375,
        0.3125,
        0.10938,
        0.32031,
        0.11719,
        0.33594,
        0.125,
        0.34375,
        0.14062,
        0.35938,
        0.14844,
        0.36719,
        0.16406,
        0.375,
        0.17188,
        0.39062,
        0.17969,
        0.39844,
        0.19531
    ],
    "ImageOrientationPatientDICOM": [
        0.999647,
        0.0231639,
        0.0130444,
        -0.0174488,
        0.941904,
        -0.33543
    ],
    "ImageOrientationText": "Tra>Cor(-19.6)>Sag(1.1)",
    "InPlanePhaseEncodingDirectionDICOM": "COL",
    "BidsGuess": [
        "fmap",
        "_acq-fm2_magnitude2"
    ],
    "ConversionSoftware": "dcm2niix",
    "ConversionSoftwareVersion": "v1.0.20240202",
    "Dcm2bidsVersion": "3.1.1"
}