{
    "Modality": "MR",
    "MagneticFieldStrength": 3,
    "ImagingFrequency": 123.24,
    "Manufacturer": "Siemens",
    "ManufacturersModelName": "Prisma",
    "InstitutionName": "Shanghai International Studies University",
    "InstitutionalDepartmentName": "Department",
    "InstitutionAddress": "Street StreetNo,Shanghai,District,CN,ZIP",
    "DeviceSerialNumber": "166243",
    "StationName": "AWP166243",
    "BodyPartExamined": "HEAD",
    "PatientPosition": "HFS",
    "ProcedureStepDescription": "SISU^Open_Projects_SISU",
    "SoftwareVersions": "syngo MR E11",
    "MRAcquisitionType": "2D",
    "SeriesDescription": "CCBD_BOLD_AP_task 1",
    "ProtocolName": "CCBD_BOLD_AP_task 1",
    "ScanningSequence": "EP",
    "SequenceVariant": "SK",
    "ScanOptions": "FS",
    "SequenceName": "*epfid2d1_88",
    "ImageType": [
        "ORIGINAL",
        "PRIMARY",
        "M",
        "ND",
        "MOSAIC"
    ],
    "SeriesNumber": 15,
    "AcquisitionTime": "13:26:48.275000",
    "AcquisitionNumber": 1,
    "SliceThickness": 2.5,
    "SpacingBetweenSlices": 2.5,
    "SAR": 0.0640258,
    "EchoTime": 0.03,
    "RepetitionTime": 2,
    "FlipAngle": 60,
    "PartialFourier": 1,
    "BaseResolution": 88,
    "ShimSetting": [
        -2652,
        -4024,
        7549,
        322,
        81,
        -311,
        -74,
        25
    ],
    "TxRefAmp": 254.636,
    "PhaseResolution": 1,
    "ReceiveCoilName": "HeadNeck_64",
    "ReceiveCoilActiveElements": "HC1-7;NC1",
    "PulseSequenceDetails": "%SiemensSeq%\\ep2d_bold",
    "RefLinesPE": 32,
    "CoilCombinationMethod": "Sum of Squares",
    "ConsistencyInfo": "N4_VE11E_LATEST_20181129",
    "MultibandAccelerationFactor": 3,
    "PercentPhaseFOV": 100,
    "PercentSampling": 100,
    "EchoTrainLength": 88,
    "PhaseEncodingSteps": 88,
    "AcquisitionMatrixPE": 88,
    "ReconMatrixPE": 88,
    "BandwidthPerPixelPhaseEncode": 23.191,
    "EffectiveEchoSpacing": 0.000490002,
    "DerivedVendorReportedEchoSpacing": 0.000490002,
    "TotalReadoutTime": 0.0426302,
    "PixelBandwidth": 2585,
    "DwellTime": 2.2e-06,
    "PhaseEncodingDirection": "j-",
    "SliceTiming": [
        0,
        1.035,
        0.0925,
        1.13,
        0.1875,
        1.225,
        0.2825,
        1.3175,
        0.375,
        1.4125,
        0.47,
        1.5075,
        0.565,
        1.6025,
        0.6575,
        1.695,
        0.7525,
        1.79,
        0.8475,
        1.885,
        0.9425,
        0,
        1.035,
        0.0925,
        1.13,
        0.1875,
        1.225,
        0.2825,
        1.3175,
        0.375,
        1.4125,
        0.47,
        1.5075,
        0.565,
        1.6025,
        0.6575,
        1.695,
        0.7525,
        1.79,
        0.8475,
        1.885,
        0.9425,
        0,
        1.035,
        0.0925,
        1.13,
        0.1875,
        1.225,
        0.2825,
        1.3175,
        0.375,
        1.4125,
        0.47,
        1.5075,
        0.565,
        1.6025,
        0.6575,
        1.695,
        0.7525,
        1.79,
        0.8475,
        1.885,
        0.9425
    ],
    "ImageOrientationPatientDICOM": [
        0.999386,
        0.0288622,
        -0.0198792,
        -0.031407,
        0.989281,
        -0.142605
    ],
    "ImageOrientationText": "Tra>Cor(-8.2)>Sag(-0.9)",
    "InPlanePhaseEncodingDirectionDICOM": "COL",
    "ConversionSoftware": "dcm2niix",
    "ConversionSoftwareVersion": "v1.0.20220505",
    "Dcm2bidsVersion": "3.2.0",
    "TaskName": "baba"
}