{
    "Modality": "MR",
    "MagneticFieldStrength": 3,
    "ImagingFrequency": 123.224989,
    "Manufacturer": "Siemens",
    "ManufacturersModelName": "TrioTim",
    "InstitutionName": "West China Hospital.SCU MR7",
    "InstitutionalDepartmentName": "Department",
    "InstitutionAddress": "Street StreetNo,Chengdu//8700B1//,District,CN,ZIP",
    "DeviceSerialNumber": "35392",
    "StationName": "MRC35392",
    "BodyPart": "HEAD",
    "PatientPosition": "HFS",
    "ProcedureStepDescription": "head^scientific research",
    "SoftwareVersions": "syngo MR B17",
    "MRAcquisitionType": "3D",
    "StudyDescription": "head^scientific research",
    "SeriesDescription": "3D-t1_mpr",
    "ProtocolName": "3D-t1_mpr",
    "ScanningSequence": "GR\\IR",
    "SequenceVariant": "SP\\MP",
    "ScanOptions": "IR\\PFP",
    "SequenceName": "*tfl3d1_ns",
    "ImageType": [
        "ORIGINAL",
        "PRIMARY",
        "M",
        "ND",
        "NORM",
        "MAGNITUDE"
    ],
    "NonlinearGradientCorrection": false,
    "SeriesNumber": 4,
    "AcquisitionTime": "22:22:34.407500",
    "AcquisitionNumber": 1,
    "SliceThickness": 1,
    "SAR": 0.129377,
    "TablePosition": [
        0,
        0,
        0
    ],
    "EchoTime": 0.00226,
    "RepetitionTime": 1.9,
    "InversionTime": 0.9,
    "FlipAngle": 9,
    "PartialFourier": 0.875,
    "BaseResolution": 256,
    "ShimSetting": [
        -3006,
        7325,
        -16638,
        6,
        -50,
        -67,
        -10,
        43
    ],
    "TxRefAmp": 319.868,
    "PhaseResolution": 1,
    "ReceiveCoilName": "32Ch_Head",
    "CoilString": "C:HEA;HEP",
    "PulseSequenceDetails": "%SiemensSeq%\\tfl",
    "CoilCombinationMethod": "Adaptive Combine",
    "ConsistencyInfo": "N4_VB17A_LATEST_20090307",
    "MatrixCoilMode": "SENSE",
    "PercentPhaseFOV": 100,
    "PercentSampling": 100,
    "PhaseEncodingSteps": 224,
    "AcquisitionMatrixPE": 256,
    "ReconMatrixPE": 256,
    "PixelBandwidth": 199,
    "DwellTime": 9.8e-06,
    "ImageOrientationPatientDICOM": [
        -5.50963e-05,
        0.958323,
        -0.285688,
        5.62864e-05,
        -0.285688,
        -0.958323
    ],
    "ImageOrientationText": "Sag>Cor(-0.0)>Tra(-0.0)",
    "InPlanePhaseEncodingDirectionDICOM": "ROW",
    "BidsGuess": [
        "anat",
        "_acq-tfl3_run-4_T1w"
    ],
    "ConversionSoftware": "dcm2niix",
    "ConversionSoftwareVersion": "v1.0.20241211",
    "Dcm2bidsVersion": "3.2.0"
}