{
    "Modality": "MR",
    "MagneticFieldStrength": 3,
    "ImagingFrequency": 123.240411,
    "Manufacturer": "Siemens",
    "ManufacturersModelName": "Prisma",
    "InstitutionName": "Shanghai International Studies University",
    "InstitutionalDepartmentName": "Department",
    "InstitutionAddress": "Street StreetNo,Shanghai,District,CN,ZIP",
    "DeviceSerialNumber": "166243",
    "StationName": "AWP166243",
    "BodyPartExamined": "HEAD",
    "PatientPosition": "HFS",
    "ProcedureStepDescription": "SISU^Open_Projects_SISU",
    "SoftwareVersions": "syngo MR E11",
    "MRAcquisitionType": "2D",
    "SeriesDescription": "gre_field_mapping_rest",
    "ProtocolName": "gre_field_mapping_rest",
    "ScanningSequence": "GR",
    "SequenceVariant": "SP",
    "SequenceName": "*fm2d2r",
    "ImageType": [
        "ORIGINAL",
        "PRIMARY",
        "M",
        "ND"
    ],
    "NonlinearGradientCorrection": false,
    "SeriesNumber": 4,
    "AcquisitionTime": "14:26:3.915000",
    "AcquisitionNumber": 1,
    "SliceThickness": 3,
    "SpacingBetweenSlices": 3.75,
    "SAR": 0.167705,
    "EchoNumber": 2,
    "EchoTime": 0.00738,
    "RepetitionTime": 0.413,
    "FlipAngle": 60,
    "PartialFourier": 1,
    "BaseResolution": 64,
    "ShimSetting": [
        -2618,
        -3985,
        7566,
        263,
        68,
        185,
        -202,
        31
    ],
    "TxRefAmp": 263.708,
    "PhaseResolution": 1,
    "ReceiveCoilName": "HeadNeck_64",
    "ReceiveCoilActiveElements": "HC1-7",
    "PulseSequenceDetails": "%SiemensSeq%\\gre_field_mapping",
    "CoilCombinationMethod": "Sum of Squares",
    "ConsistencyInfo": "N4_VE11E_LATEST_20181129",
    "MatrixCoilMode": "SENSE",
    "MultibandAccelerationFactor": 2,
    "PercentPhaseFOV": 100,
    "PercentSampling": 100,
    "PhaseEncodingSteps": 64,
    "AcquisitionMatrixPE": 64,
    "ReconMatrixPE": 64,
    "PixelBandwidth": 290,
    "DwellTime": 2.69e-05,
    "PhaseEncodingDirection": "j-",
    "SliceTiming": [
        0.21875,
        0,
        0.21875,
        0.01562,
        0.23438,
        0.03125,
        0.25,
        0.03125,
        0.25,
        0.04688,
        0.26562,
        0.0625,
        0.28125,
        0.0625,
        0.28125,
        0.07812,
        0.29688,
        0.09375,
        0.3125,
        0.10938,
        0.3125,
        0.10938,
        0.32812,
        0.125,
        0.34375,
        0.14062,
        0.35938,
        0.14062,
        0.35938,
        0.15625,
        0.375,
        0.17188,
        0.39062,
        0.17188,
        0.39062,
        0.1875,
        0.40625,
        0.20312
    ],
    "ImageOrientationPatientDICOM": [
        0.999042,
        0.028045,
        0.033581,
        -0.0226714,
        0.988291,
        -0.150886
    ],
    "ImageOrientationText": "Tra>Cor(-8.6)>Sag(2.1)",
    "InPlanePhaseEncodingDirectionDICOM": "COL",
    "BidsGuess": [
        "fmap",
        "_acq-fm2_magnitude2"
    ],
    "ConversionSoftware": "dcm2niix",
    "ConversionSoftwareVersion": "v1.0.20240202",
    "Dcm2bidsVersion": "3.1.1"
}