{
    "Modality": "MR",
    "MagneticFieldStrength": 3,
    "ImagingFrequency": 123.240394,
    "Manufacturer": "Siemens",
    "ManufacturersModelName": "Prisma",
    "InstitutionName": "Shanghai International Studies University",
    "InstitutionalDepartmentName": "Department",
    "InstitutionAddress": "Street StreetNo,Shanghai,District,CN,ZIP",
    "DeviceSerialNumber": "166243",
    "StationName": "AWP166243",
    "BodyPart": "HEAD",
    "PatientPosition": "HFS",
    "ProcedureStepDescription": "SISU^Open_Projects_SISU",
    "SoftwareVersions": "syngo MR E11",
    "MRAcquisitionType": "2D",
    "StudyDescription": "SISU^Open_Projects_SISU",
    "SeriesDescription": "CCBD_BOLD_AP_task 3",
    "ProtocolName": "CCBD_BOLD_AP_task 3",
    "ScanningSequence": "EP",
    "SequenceVariant": "SK",
    "ScanOptions": "FS",
    "SequenceName": "*epfid2d1_88",
    "ImageType": [
        "ORIGINAL",
        "PRIMARY",
        "M",
        "ND",
        "MOSAIC",
        "MAGNITUDE"
    ],
    "NonlinearGradientCorrection": false,
    "SeriesNumber": 11,
    "AcquisitionTime": "10:57:32.445000",
    "AcquisitionNumber": 1,
    "SliceThickness": 2.5,
    "SpacingBetweenSlices": 2.5,
    "SAR": 0.0350185,
    "TablePosition": [
        0,
        0,
        0
    ],
    "EchoTime": 0.03,
    "RepetitionTime": 2,
    "FlipAngle": 60,
    "PartialFourier": 1,
    "BaseResolution": 88,
    "ShimSetting": [
        -2620,
        -4001,
        7571,
        254,
        71,
        -26,
        -79,
        44
    ],
    "TxRefAmp": 247.53,
    "PhaseResolution": 1,
    "ReceiveCoilName": "HeadNeck_64",
    "ReceiveCoilActiveElements": "HC1-7;NC1",
    "PulseSequenceDetails": "%SiemensSeq%\\ep2d_bold",
    "RefLinesPE": 32,
    "CoilCombinationMethod": "Sum of Squares",
    "ConsistencyInfo": "N4_VE11E_LATEST_20181129",
    "MultibandAccelerationFactor": 3,
    "PercentPhaseFOV": 100,
    "PercentSampling": 100,
    "EchoTrainLength": 88,
    "PhaseEncodingSteps": 88,
    "AcquisitionMatrixPE": 88,
    "ReconMatrixPE": 88,
    "BandwidthPerPixelPhaseEncode": 23.191,
    "EffectiveEchoSpacing": 0.000490002,
    "DerivedVendorReportedEchoSpacing": 0.000490002,
    "TotalReadoutTime": 0.0426302,
    "PixelBandwidth": 2585,
    "DwellTime": 2.2e-06,
    "PhaseEncodingDirection": "j-",
    "SliceTiming": [
        0,
        1.0375,
        0.095,
        1.1325,
        0.19,
        1.225,
        0.2825,
        1.32,
        0.3775,
        1.415,
        0.4725,
        1.51,
        0.565,
        1.6025,
        0.66,
        1.6975,
        0.755,
        1.7925,
        0.85,
        1.885,
        0.9425,
        0,
        1.0375,
        0.095,
        1.1325,
        0.19,
        1.225,
        0.2825,
        1.32,
        0.3775,
        1.415,
        0.4725,
        1.51,
        0.565,
        1.6025,
        0.66,
        1.6975,
        0.755,
        1.7925,
        0.85,
        1.885,
        0.9425,
        0,
        1.0375,
        0.095,
        1.1325,
        0.19,
        1.225,
        0.2825,
        1.32,
        0.3775,
        1.415,
        0.4725,
        1.51,
        0.565,
        1.6025,
        0.66,
        1.6975,
        0.755,
        1.7925,
        0.85,
        1.885,
        0.9425
    ],
    "ImageOrientationPatientDICOM": [
        0.99988,
        -0.000145267,
        0.0154808,
        0.00523543,
        0.944215,
        -0.329287
    ],
    "ImageOrientationText": "Tra>Cor(-19.2)>Sag(0.8)",
    "InPlanePhaseEncodingDirectionDICOM": "COL",
    "BidsGuess": [
        "func",
        "_acq-epfid2m3_dir-AP_run-11_bold"
    ],
    "ConversionSoftware": "dcm2niix",
    "ConversionSoftwareVersion": "v1.0.20241211",
    "Dcm2bidsVersion": "3.2.0",
    "TaskName": "baba"
}