{
    "Modality": "MR",
    "MagneticFieldStrength": 3,
    "ImagingFrequency": 123.240375,
    "Manufacturer": "Siemens",
    "ManufacturersModelName": "Prisma",
    "InstitutionName": "Shanghai International Studies University",
    "InstitutionalDepartmentName": "Department",
    "InstitutionAddress": "Street StreetNo,Shanghai,District,CN,ZIP",
    "DeviceSerialNumber": "166243",
    "StationName": "AWP166243",
    "BodyPart": "HEAD",
    "PatientPosition": "HFS",
    "ProcedureStepDescription": "SISU^Open_Projects_SISU",
    "SoftwareVersions": "syngo MR E11",
    "MRAcquisitionType": "2D",
    "StudyDescription": "SISU^Open_Projects_SISU",
    "SeriesDescription": "ep2d_bold_rest",
    "ProtocolName": "ep2d_bold_rest",
    "ScanningSequence": "EP",
    "SequenceVariant": "SK",
    "ScanOptions": "FS",
    "SequenceName": "*epfid2d1_64",
    "ImageType": [
        "ORIGINAL",
        "PRIMARY",
        "M",
        "ND",
        "MOSAIC",
        "MAGNITUDE"
    ],
    "NonlinearGradientCorrection": false,
    "SeriesNumber": 6,
    "AcquisitionTime": "10:19:40.570000",
    "AcquisitionNumber": 1,
    "SliceThickness": 3,
    "SpacingBetweenSlices": 3.75,
    "SAR": 0.104931,
    "TablePosition": [
        0,
        0,
        0
    ],
    "EchoTime": 0.03,
    "RepetitionTime": 2,
    "FlipAngle": 90,
    "PartialFourier": 1,
    "BaseResolution": 64,
    "ShimSetting": [
        -2615,
        -3993,
        7582,
        305,
        77,
        72,
        -87,
        55
    ],
    "TxRefAmp": 247.53,
    "PhaseResolution": 1,
    "ReceiveCoilName": "HeadNeck_64",
    "ReceiveCoilActiveElements": "HC1-7",
    "PulseSequenceDetails": "%SiemensSeq%\\ep2d_bold",
    "RefLinesPE": 36,
    "CoilCombinationMethod": "Sum of Squares",
    "ConsistencyInfo": "N4_VE11E_LATEST_20181129",
    "MatrixCoilMode": "GRAPPA",
    "PercentPhaseFOV": 100,
    "PercentSampling": 100,
    "EchoTrainLength": 21,
    "PhaseEncodingSteps": 63,
    "AcquisitionMatrixPE": 64,
    "ReconMatrixPE": 64,
    "BandwidthPerPixelPhaseEncode": 86.806,
    "ParallelReductionFactorInPlane": 3,
    "EffectiveEchoSpacing": 0.000179999,
    "DerivedVendorReportedEchoSpacing": 0.000539997,
    "TotalReadoutTime": 0.0113399,
    "PixelBandwidth": 2300,
    "DwellTime": 3.4e-06,
    "PhaseEncodingDirection": "j-",
    "SliceTiming": [
        0.99,
        0,
        1.0425,
        0.0525,
        1.095,
        0.105,
        1.1475,
        0.1575,
        1.2,
        0.21,
        1.2525,
        0.2625,
        1.3025,
        0.315,
        1.355,
        0.365,
        1.4075,
        0.4175,
        1.46,
        0.47,
        1.5125,
        0.5225,
        1.565,
        0.575,
        1.6175,
        0.6275,
        1.6675,
        0.6775,
        1.72,
        0.73,
        1.7725,
        0.7825,
        1.825,
        0.835,
        1.8775,
        0.8875,
        1.93,
        0.94
    ],
    "ImageOrientationPatientDICOM": [
        0.9999,
        0.00539726,
        0.0130624,
        -3.44128e-08,
        0.924214,
        -0.381874
    ],
    "ImageOrientationText": "Tra>Cor(-22.4)>Sag(0.8)",
    "InPlanePhaseEncodingDirectionDICOM": "COL",
    "BidsGuess": [
        "func",
        "_acq-epfid2p3_dir-AP_run-6_bold"
    ],
    "ConversionSoftware": "dcm2niix",
    "ConversionSoftwareVersion": "v1.0.20241211",
    "Dcm2bidsVersion": "3.2.0",
    "TaskName": "rest"
}