{
    "Modality": "MR",
    "MagneticFieldStrength": 3,
    "ImagingFrequency": 123.24,
    "Manufacturer": "Siemens",
    "ManufacturersModelName": "Prisma",
    "InstitutionName": "Shanghai International Studies University",
    "InstitutionalDepartmentName": "Department",
    "InstitutionAddress": "Street StreetNo,Shanghai,District,CN,ZIP",
    "DeviceSerialNumber": "166243",
    "StationName": "AWP166243",
    "BodyPartExamined": "HEAD",
    "PatientPosition": "HFS",
    "ProcedureStepDescription": "SISU^Open_Projects_SISU",
    "SoftwareVersions": "syngo MR E11",
    "MRAcquisitionType": "2D",
    "SeriesDescription": "ep2d_bold_rest",
    "ProtocolName": "ep2d_bold_rest",
    "ScanningSequence": "EP",
    "SequenceVariant": "SK",
    "ScanOptions": "FS",
    "SequenceName": "*epfid2d1_64",
    "ImageType": [
        "ORIGINAL",
        "PRIMARY",
        "M",
        "ND",
        "MOSAIC"
    ],
    "SeriesNumber": 6,
    "AcquisitionTime": "10:56:43.117500",
    "AcquisitionNumber": 1,
    "SliceThickness": 3,
    "SpacingBetweenSlices": 3.75,
    "SAR": 0.131341,
    "EchoTime": 0.03,
    "RepetitionTime": 2,
    "FlipAngle": 90,
    "PartialFourier": 1,
    "BaseResolution": 64,
    "ShimSetting": [
        -2643,
        -4005,
        7553,
        213,
        69,
        -207,
        13,
        -77
    ],
    "TxRefAmp": 260.544,
    "PhaseResolution": 1,
    "ReceiveCoilName": "HeadNeck_64",
    "ReceiveCoilActiveElements": "HC1-7;NC1",
    "PulseSequenceDetails": "%SiemensSeq%\\ep2d_bold",
    "RefLinesPE": 36,
    "CoilCombinationMethod": "Sum of Squares",
    "ConsistencyInfo": "N4_VE11E_LATEST_20181129",
    "MatrixCoilMode": "GRAPPA",
    "PercentPhaseFOV": 100,
    "PercentSampling": 100,
    "EchoTrainLength": 21,
    "PhaseEncodingSteps": 63,
    "AcquisitionMatrixPE": 64,
    "ReconMatrixPE": 64,
    "BandwidthPerPixelPhaseEncode": 86.806,
    "ParallelReductionFactorInPlane": 3,
    "EffectiveEchoSpacing": 0.000179999,
    "DerivedVendorReportedEchoSpacing": 0.000539997,
    "TotalReadoutTime": 0.0113399,
    "PixelBandwidth": 2300,
    "DwellTime": 3.4e-06,
    "PhaseEncodingDirection": "j-",
    "SliceTiming": [
        0.99,
        0,
        1.0425,
        0.0525,
        1.095,
        0.105,
        1.1475,
        0.1575,
        1.2,
        0.21,
        1.2525,
        0.2625,
        1.3025,
        0.3125,
        1.355,
        0.365,
        1.4075,
        0.4175,
        1.46,
        0.47,
        1.5125,
        0.5225,
        1.565,
        0.575,
        1.615,
        0.625,
        1.6675,
        0.6775,
        1.72,
        0.73,
        1.7725,
        0.7825,
        1.825,
        0.835,
        1.8775,
        0.8875,
        1.9275,
        0.94
    ],
    "ImageOrientationPatientDICOM": [
        0.99941,
        0.0230434,
        -0.0254857,
        -0.027916,
        0.977017,
        -0.211327
    ],
    "ImageOrientationText": "Tra>Cor(-12.2)>Sag(-1.1)",
    "InPlanePhaseEncodingDirectionDICOM": "COL",
    "ConversionSoftware": "dcm2niix",
    "ConversionSoftwareVersion": "v1.0.20220505",
    "Dcm2bidsVersion": "3.2.0",
    "TaskName": "rest"
}